PATH
  remote: .
  specs:
    time_window_drop_collector (0.7.3)
      dalli (~> 2.7)
      memcache_mock (= 0.0.14)

GEM
  remote: https://rubygems.org/
  specs:
    chronic (0.10.2)
    dalli (2.7.10)
    delorean (2.1.0)
      chronic
    memcache_mock (0.0.14)
    metaclass (0.0.4)
    minitest (5.10.3)
    mocha (1.3.0)
      metaclass (~> 0.0.1)
    rake (12.1.0)

PLATFORMS
  ruby

DEPENDENCIES
  bundler
  delorean (~> 2.1)
  minitest (~> 5.10)
  mocha (~> 1.3)
  rake (~> 12.1)
  time_window_drop_collector!

RUBY VERSION
   ruby 2.5.1p57

BUNDLED WITH
   2.0.1
